GEM
  remote: http://rubygems.org/
  specs:
    ZenTest (4.7.0)
    abstract (1.0.0)
    actionmailer (3.0.3)
      actionpack (= 3.0.3)
      mail (~> 2.2.9)
    actionpack (3.0.3)
      activemodel (= 3.0.3)
      activesupport (= 3.0.3)
      builder (~> 2.1.2)
      erubis (~> 2.6.6)
      i18n (~> 0.4)
      rack (~> 1.2.1)
      rack-mount (~> 0.6.13)
      rack-test (~> 0.5.6)
      tzinfo (~> 0.3.23)
    activemodel (3.0.3)
      activesupport (= 3.0.3)
      builder (~> 2.1.2)
      i18n (~> 0.4)
    activerecord (3.0.3)
      activemodel (= 3.0.3)
      activesupport (= 3.0.3)
      arel (~> 2.0.2)
      tzinfo (~> 0.3.23)
    activeresource (3.0.3)
      activemodel (= 3.0.3)
      activesupport (= 3.0.3)
    activesupport (3.0.3)
    acts-as-taggable-on (2.2.2)
      rails (~> 3.0)
    arel (2.0.8)
    bcrypt-ruby (3.0.1)
    builder (2.1.2)
    erubis (2.6.6)
      abstract (>= 1.0.0)
    i18n (0.6.0)
    jquery-rails (1.0.18)
      railties (~> 3.0)
      thor (~> 0.14)
    json_pure (1.6.5)
    mail (2.2.15)
      activesupport (>= 2.3.6)
      i18n (>= 0.4.0)
      mime-types (~> 1.16)
      treetop (~> 1.4.8)
    metaclass (0.0.1)
    mime-types (1.18)
    mocha (0.10.5)
      metaclass (~> 0.0.1)
    nifty-generators (0.4.6)
    on_the_spot (1.0.0)
      json_pure (>= 1.4.6)
    polyglot (0.3.3)
    rack (1.2.1)
    rack-mount (0.6.13)
      rack (>= 1.0.0)
    rack-test (0.5.7)
      rack (>= 1.0)
    rails (3.0.3)
      actionmailer (= 3.0.3)
      actionpack (= 3.0.3)
      activerecord (= 3.0.3)
      activeresource (= 3.0.3)
      activesupport (= 3.0.3)
      bundler (~> 1.0)
      railties (= 3.0.3)
    railties (3.0.3)
      actionpack (= 3.0.3)
      activesupport (= 3.0.3)
      rake (>= 0.8.7)
      thor (~> 0.14.4)
    rake (0.9.2.2)
    ric (0.11.19)
      activeresource
    sqlite3 (1.3.5)
    sqlite3-ruby (1.3.3)
      sqlite3 (>= 1.3.3)
    thor (0.14.6)
    treetop (1.4.10)
      polyglot
      polyglot (>= 0.3.1)
    tzinfo (0.3.32)
    wirble (0.1.3)

PLATFORMS
  ruby

DEPENDENCIES
  ZenTest
  acts-as-taggable-on
  bcrypt-ruby
  jquery-rails (>= 0.2.6)
  mocha
  nifty-generators
  on_the_spot
  rails (= 3.0.3)
  ric (>= 0.11.3)
  sqlite3-ruby
  wirble
